GEM
  remote: https://rubygems.org/
  specs:
    base64 (0.1.1)
    bundler-audit (0.9.0.1)
      bundler (>= 1.2.0, < 3)
      thor (~> 1.0)
    digest (3.1.0)
    ffi (1.15.5)
    json (2.6.1)
    minitest (5.15.0)
    rbnacl (7.1.1)
      ffi
    thor (1.2.1)

PLATFORMS
  arm64-darwin-20
  x86_64-linux

DEPENDENCIES
  base64
  bundler-audit
  digest
  json
  minitest
  rbnacl

BUNDLED WITH
   2.2.30
